PATH
  remote: .
  specs:
    mastercard_api (0.0.1)

GEM
  remote: https://rubygems.org/
  specs:
    rake (10.4.2)

PLATFORMS
  ruby

DEPENDENCIES
  bundler (~> 1.3)
  mastercard_api!
  rake
